GEM
  remote: https://rubygems.org/
  specs:
    CFPropertyList (3.0.0)
    RubyInline (3.12.4)
      ZenTest (~> 4.3)
    ZenTest (4.11.1)
    activesupport (4.2.10)
      i18n (~> 0.7)
      minitest (~> 5.1)
      thread_safe (~> 0.3, >= 0.3.4)
      tzinfo (~> 1.1)
    addressable (2.5.2)
      public_suffix (>= 2.0.2, < 4.0)
    atomos (0.1.3)
    claide (1.0.2)
    cocoapods (1.6.0.beta.2)
      activesupport (>= 4.0.2, < 5)
      claide (>= 1.0.2, < 2.0)
      cocoapods-core (= 1.6.0.beta.2)
      cocoapods-deintegrate (>= 1.0.2, < 2.0)
      cocoapods-downloader (>= 1.2.2, < 2.0)
      cocoapods-plugins (>= 1.0.0, < 2.0)
      cocoapods-search (>= 1.0.0, < 2.0)
      cocoapods-stats (>= 1.0.0, < 2.0)
      cocoapods-trunk (>= 1.3.1, < 2.0)
      cocoapods-try (>= 1.1.0, < 2.0)
      colored2 (~> 3.1)
      escape (~> 0.0.4)
      fourflusher (~> 2.0.1)
      gh_inspector (~> 1.0)
      molinillo (~> 0.6.6)
      nap (~> 1.0)
      ruby-macho (~> 1.3, >= 1.3.1)
      xcodeproj (>= 1.7.0, < 2.0)
    cocoapods-clean (0.0.1)
    cocoapods-core (1.6.0.beta.2)
      activesupport (>= 4.0.2, < 6)
      fuzzy_match (~> 2.0.4)
      nap (~> 1.0)
    cocoapods-deintegrate (1.0.2)
    cocoapods-downloader (1.2.2)
    cocoapods-keys (2.0.6)
      dotenv
      osx_keychain
    cocoapods-plugins (1.0.0)
      nap
    cocoapods-search (1.0.0)
    cocoapods-stats (1.0.0)
    cocoapods-trunk (1.3.1)
      nap (>= 0.8, < 2.0)
      netrc (~> 0.11)
    cocoapods-try (1.1.0)
    colored2 (3.1.2)
    concurrent-ruby (1.1.3)
    contentful (0.12.0)
      http (~> 1.0)
      json (~> 1.8)
      multi_json (~> 1)
    contentful-management (2.6.0)
      http (> 1.0, < 3.0)
      json (~> 1.8)
      multi_json (~> 1)
    contentful_bootstrap (3.0.0)
      contentful (~> 0.7)
      contentful-management
      inifile
      launchy
    domain_name (0.5.20180417)
      unf (>= 0.0.5, < 1.0.0)
    dotenv (2.5.0)
    escape (0.0.4)
    fourflusher (2.0.1)
    fuzzy_match (2.0.4)
    gh_inspector (1.1.3)
    http (1.0.4)
      addressable (~> 2.3)
      http-cookie (~> 1.0)
      http-form_data (~> 1.0.1)
      http_parser.rb (~> 0.6.0)
    http-cookie (1.0.3)
      domain_name (~> 0.5)
    http-form_data (1.0.3)
    http_parser.rb (0.6.0)
    i18n (0.9.5)
      concurrent-ruby (~> 1.0)
    inifile (3.0.0)
    json (1.8.6)
    launchy (2.4.3)
      addressable (~> 2.3)
    minitest (5.11.3)
    molinillo (0.6.6)
    multi_json (1.13.1)
    nanaimo (0.2.6)
    nap (1.1.0)
    netrc (0.11.0)
    osx_keychain (1.0.2)
      RubyInline (~> 3)
    public_suffix (3.0.3)
    rouge (2.0.7)
    ruby-macho (1.3.1)
    sbconstants (1.2.0)
    thread_safe (0.3.6)
    tzinfo (1.2.10)
      thread_safe (~> 0.1)
    unf (0.1.4)
      unf_ext
    unf_ext (0.0.7.5)
    xcodeproj (1.7.0)
      CFPropertyList (>= 2.3.3, < 4.0)
      atomos (~> 0.1.3)
      claide (>= 1.0.2, < 2.0)
      colored2 (~> 3.1)
      nanaimo (~> 0.2.6)
    xcpretty (0.3.0)
      rouge (~> 2.0.7)

PLATFORMS
  ruby

DEPENDENCIES
  cocoapods (~> 1.6.0.beta.2)
  cocoapods-clean
  cocoapods-deintegrate
  cocoapods-keys
  contentful_bootstrap (~> 3.0.0)
  sbconstants
  xcpretty

BUNDLED WITH
   1.17.1
